GIT
  remote: https://github.com/Seravo/zabbixapi.git
  revision: e2d6097e41401bce87e3cd63ffb8e001a8f0647b
  branch: v3.1.0-fixed
  specs:
    zabbixapi (3.1.0)
      json

PATH
  remote: .
  specs:
    capistrano-zabbix (0.1.0)
      activesupport (~> 5.1)
      capistrano (~> 3.7)
      zabbixapi (~> 3.0)

GEM
  remote: https://rubygems.org/
  specs:
    activesupport (5.2.0)
      concurrent-ruby (~> 1.0, >= 1.0.2)
      i18n (>= 0.7, < 2)
      minitest (~> 5.1)
      tzinfo (~> 1.1)
    airbrussh (1.3.0)
      sshkit (>= 1.6.1, != 1.7.0)
    capistrano (3.10.2)
      airbrussh (>= 1.0.0)
      i18n
      rake (>= 10.0.0)
      sshkit (>= 1.9.0)
    concurrent-ruby (1.0.5)
    i18n (1.0.0)
      concurrent-ruby (~> 1.0)
    json (2.1.0)
    minitest (5.11.3)
    net-scp (1.2.1)
      net-ssh (>= 2.6.5)
    net-ssh (4.2.0)
    rake (10.5.0)
    sshkit (1.16.0)
      net-scp (>= 1.1.2)
      net-ssh (>= 2.8.0)
    thread_safe (0.3.6)
    tzinfo (1.2.5)
      thread_safe (~> 0.1)

PLATFORMS
  ruby

DEPENDENCIES
  bundler (~> 1.12)
  capistrano-zabbix!
  rake (~> 10.0)
  zabbixapi!

BUNDLED WITH
   1.15.4
